GEM
  remote: http://rubygems.org/
  specs:
    bourbon (2.1.1)
      sass (>= 3.1)
    neat (0.4.2)
      bourbon (>= 2.1)
      sass (>= 3.2)
    sass (3.2.1)

PLATFORMS
  ruby

DEPENDENCIES
  bourbon
  neat
