GEM
  remote: http://rubygems.org/
  specs:
    bourbon (2.1.1)
      sass (>= 3.1)
    chunky_png (1.2.6)
    compass (0.12.2)
      chunky_png (~> 1.2)
      fssm (>= 0.2.7)
      sass (~> 3.1)
    fssm (0.2.9)
    neat (0.4.2)
      bourbon (>= 2.1)
      sass (>= 3.2)
    rake (0.9.2.2)
    sass (3.2.1)
    susy (1.0)
      compass (>= 0.12.2)
      sass (>= 3.2.0)

PLATFORMS
  ruby

DEPENDENCIES
  bourbon
  neat
  rake
  susy
